NUGET
  remote: https://www.nuget.org/api/v2
    Expecto (10.2.1)
      FSharp.Core (>= 7.0.200) - restriction: >= net6.0
      Mono.Cecil (>= 0.11.4 < 1.0) - restriction: >= net6.0
    FSharp.Core (8.0.301)
    Mono.Cecil (0.11.5) - restriction: >= net6.0
